GIT
  remote: git://github.com/seyhunak/twitter-bootstrap-rails.git
  revision: 1d93c5a77049b3d21d17c847ad0531d7714fa229
  branch: bootstrap3
  specs:
    twitter-bootstrap-rails (3.1.1)
      actionpack (>= 3.1)
      execjs
      rails (>= 3.1)
      railties (>= 3.1)

GEM
  remote: https://rubygems.org/
  specs:
    actionmailer (4.1.2.rc3)
      actionpack (= 4.1.2.rc3)
      actionview (= 4.1.2.rc3)
      mail (~> 2.5.4)
    actionpack (4.1.2.rc3)
      actionview (= 4.1.2.rc3)
      activesupport (= 4.1.2.rc3)
      rack (~> 1.5.2)
      rack-test (~> 0.6.2)
    actionview (4.1.2.rc3)
      activesupport (= 4.1.2.rc3)
      builder (~> 3.1)
      erubis (~> 2.7.0)
    activemodel (4.1.2.rc3)
      activesupport (= 4.1.2.rc3)
      builder (~> 3.1)
    activerecord (4.1.2.rc3)
      activemodel (= 4.1.2.rc3)
      activesupport (= 4.1.2.rc3)
      arel (~> 5.0.0)
    activesupport (4.1.2.rc3)
      i18n (~> 0.6, >= 0.6.9)
      json (~> 1.7, >= 1.7.7)
      minitest (~> 5.1)
      thread_safe (~> 0.1)
      tzinfo (~> 1.1)
    addressable (2.3.6)
    arel (5.0.1.20140414130214)
    aws-sdk (1.43.3)
      json (~> 1.4)
      nokogiri (>= 1.4.4)
    bcrypt (3.1.7)
    better_errors (1.1.0)
      coderay (>= 1.0.0)
      erubis (>= 2.6.6)
    binding_of_caller (0.7.2)
      debug_inspector (>= 0.0.1)
    breadcrumbs (0.1.6)
      i18n
    buftok (0.2.0)
    builder (3.2.2)
    callsite (0.0.11)
    capybara (2.3.0)
      mime-types (>= 1.16)
      nokogiri (>= 1.3.3)
      rack (>= 1.0.0)
      rack-test (>= 0.5.4)
      xpath (~> 2.0)
    climate_control (0.0.3)
      activesupport (>= 3.0)
    cocaine (0.5.4)
      climate_control (>= 0.0.3, < 1.0)
    coderay (1.1.0)
    coffee-rails (4.0.1)
      coffee-script (>= 2.2.0)
      railties (>= 4.0.0, < 5.0)
    coffee-script (2.2.0)
      coffee-script-source
      execjs
    coffee-script-source (1.7.0)
    commonjs (0.2.7)
    cucumber (1.3.15)
      builder (>= 2.1.2)
      diff-lcs (>= 1.1.3)
      gherkin (~> 2.12)
      multi_json (>= 1.7.5, < 2.0)
      multi_test (>= 0.1.1)
    cucumber-rails (1.4.1)
      capybara (>= 1.1.2, < 3)
      cucumber (>= 1.3.8, < 2)
      mime-types (~> 1.16)
      nokogiri (~> 1.5)
      rails (>= 3, < 5)
    debug_inspector (0.0.2)
    descendants_tracker (0.0.4)
      thread_safe (~> 0.3, >= 0.3.1)
    diff-lcs (1.2.5)
    equalizer (0.0.9)
    erubis (2.7.0)
    excon (0.37.0)
    execjs (2.2.0)
    factory_girl (4.4.0)
      activesupport (>= 3.0.0)
    factory_girl_rails (4.4.1)
      factory_girl (~> 4.4.0)
      railties (>= 3.0.0)
    faraday (0.9.0)
      multipart-post (>= 1.2, < 3)
    faraday_middleware (0.9.1)
      faraday (>= 0.7.4, < 0.10)
    flexslider (2.2.0)
      sass-rails (>= 3.1.0)
    flot-rails (0.0.6)
      jquery-rails
    fog (1.22.1)
      fog-brightbox
      fog-core (~> 1.22)
      fog-json
      ipaddress (~> 0.5)
      nokogiri (~> 1.5, >= 1.5.11)
    fog-brightbox (0.1.0)
      fog-core (~> 1.22)
      fog-json
      inflecto
    fog-core (1.22.0)
      builder
      excon (~> 0.33)
      formatador (~> 0.2)
      mime-types
      net-scp (~> 1.1)
      net-ssh (>= 2.1.3)
    fog-json (1.0.0)
      multi_json (~> 1.0)
    formatador (0.2.5)
    gherkin (2.12.2)
      multi_json (~> 1.3)
    github_api (0.11.3)
      addressable (~> 2.3)
      descendants_tracker (~> 0.0.1)
      faraday (~> 0.8, < 0.10)
      hashie (>= 1.2)
      multi_json (>= 1.7.5, < 2.0)
      nokogiri (~> 1.6.0)
      oauth2
    google-analytics-rails (0.0.6)
    gritter (1.1.0)
    hashie (2.1.2)
    highline (1.6.21)
    hike (1.2.3)
    http (0.6.1)
      http_parser.rb (~> 0.6.0)
    http_parser.rb (0.6.0)
    httparty (0.13.1)
      json (~> 1.8)
      multi_xml (>= 0.5.2)
    i18n (0.6.9)
    icheck-rails (0.9.0.2)
      jquery-rails
      rails (>= 3.1.0)
    inflecto (0.0.2)
    inflector (0.0.1)
    ipaddress (0.8.0)
    jquery-datatables-rails (1.12.2)
      jquery-rails
    jquery-rails (3.1.1)
      railties (>= 3.0, < 5.0)
      thor (>= 0.14, < 2.0)
    jquery-turbolinks (2.0.2)
      railties (>= 3.1.0)
      turbolinks
    jquery-ui-rails (4.2.1)
      railties (>= 3.2.16)
    json (1.8.1)
    jwt (1.0.0)
    kgio (2.9.2)
    less (2.5.1)
      commonjs (~> 0.2.7)
    less-rails (2.5.0)
      actionpack (>= 3.1)
      less (~> 2.5.0)
    libv8 (3.16.14.3)
    mail (2.5.4)
      mime-types (~> 1.16)
      treetop (~> 1.4.8)
    masonry-rails (0.2.1)
      rails
    megam_api (0.14)
      excon (~> 0.31)
      highline (~> 1.6)
      mixlib-config (~> 2.1)
      mixlib-log (~> 1.6)
      yajl-ruby (~> 1.2)
    megam_assembla (0.1.0)
      excon (~> 0.31)
      megam_api
      yajl-ruby (~> 1.2)
    megam_deccanplato (0.1.0)
      highline
      megam_api
    megam_scmmanager (0.1.0)
      highline (~> 1.6)
      nokogiri (~> 1.6)
    memoizable (0.4.2)
      thread_safe (~> 0.3, >= 0.3.1)
    meta_request (0.3.0)
      callsite
      rack-contrib
      railties
    mime-types (1.25.1)
    mini_portile (0.6.0)
    minitest (5.3.5)
    mixlib-config (2.1.0)
    mixlib-log (1.6.0)
    multi_json (1.10.1)
    multi_test (0.1.1)
    multi_xml (0.5.5)
    multipart-post (2.0.0)
    naught (1.0.0)
    net-http-predicates (1.0.0)
    net-scp (1.2.1)
      net-ssh (>= 2.6.5)
    net-ssh (2.9.1)
    nokogiri (1.6.2.1)
      mini_portile (= 0.6.0)
    oauth (0.4.7)
    oauth2 (0.9.4)
      faraday (>= 0.8, < 0.10)
      jwt (~> 1.0)
      multi_json (~> 1.3)
      multi_xml (~> 0.5)
      rack (~> 1.2)
    omniauth (1.2.1)
      hashie (>= 1.2, < 3)
      rack (~> 1.0)
    omniauth-assembla (0.0.3)
      omniauth (~> 1.0)
      omniauth-oauth2 (~> 1.0)
    omniauth-facebook (1.6.0)
      omniauth-oauth2 (~> 1.1)
    omniauth-github (1.1.2)
      omniauth (~> 1.0)
      omniauth-oauth2 (~> 1.1)
    omniauth-google-oauth2 (0.2.4)
      omniauth (~> 1.0)
      omniauth-oauth2 (~> 1.1)
    omniauth-oauth (1.0.1)
      oauth
      omniauth (~> 1.0)
    omniauth-oauth2 (1.1.2)
      faraday (>= 0.8, < 0.10)
      multi_json (~> 1.3)
      oauth2 (~> 0.9.3)
      omniauth (~> 1.2)
    omniauth-twitter (1.0.1)
      multi_json (~> 1.3)
      omniauth-oauth (~> 1.0)
    paperclip (4.1.1)
      activemodel (>= 3.0.0)
      activesupport (>= 3.0.0)
      cocaine (~> 0.5.3)
      mime-types
    polyglot (0.3.5)
    protected_attributes (1.0.8)
      activemodel (>= 4.0.1, < 5.0)
    rack (1.5.2)
    rack-contrib (1.1.0)
      rack (>= 0.9.1)
    rack-test (0.6.2)
      rack (>= 1.0)
    rails (4.1.2.rc3)
      actionmailer (= 4.1.2.rc3)
      actionpack (= 4.1.2.rc3)
      actionview (= 4.1.2.rc3)
      activemodel (= 4.1.2.rc3)
      activerecord (= 4.1.2.rc3)
      activesupport (= 4.1.2.rc3)
      bundler (>= 1.3.0, < 2.0)
      railties (= 4.1.2.rc3)
      sprockets-rails (~> 2.0)
    railties (4.1.2.rc3)
      actionpack (= 4.1.2.rc3)
      activesupport (= 4.1.2.rc3)
      rake (>= 0.8.7)
      thor (>= 0.18.1, < 2.0)
    raindrops (0.13.0)
    rake (10.3.2)
    randexp (0.1.7)
    ref (1.0.5)
    remotipart (1.2.1)
    rspec-core (3.0.2)
      rspec-support (~> 3.0.0)
    rspec-expectations (3.0.2)
      diff-lcs (>= 1.2.0, < 2.0)
      rspec-support (~> 3.0.0)
    rspec-mocks (3.0.2)
      rspec-support (~> 3.0.0)
    rspec-rails (3.0.1)
      actionpack (>= 3.0)
      activesupport (>= 3.0)
      railties (>= 3.0)
      rspec-core (~> 3.0.0)
      rspec-expectations (~> 3.0.0)
      rspec-mocks (~> 3.0.0)
      rspec-support (~> 3.0.0)
    rspec-support (3.0.2)
    sass (3.2.19)
    sass-rails (4.0.3)
      railties (>= 4.0.0, < 5.0)
      sass (~> 3.2.0)
      sprockets (~> 2.8, <= 2.11.0)
      sprockets-rails (~> 2.0)
    simple_oauth (0.2.0)
    socket.io-rails (1.0.3)
      railties (>= 3.1)
    sprockets (2.11.0)
      hike (~> 1.2)
      multi_json (~> 1.0)
      rack (~> 1.0)
      tilt (~> 1.1, != 1.3.0)
    sprockets-rails (2.1.3)
      actionpack (>= 3.0)
      activesupport (>= 3.0)
      sprockets (~> 2.8)
    sqlite3 (1.3.9)
    sshkey (1.6.1)
    therubyracer (0.12.1)
      libv8 (~> 3.16.14.0)
      ref
    thor (0.19.1)
    thread_safe (0.3.4)
    tilt (1.4.1)
    treetop (1.4.15)
      polyglot
      polyglot (>= 0.3.1)
    turbolinks (2.2.2)
      coffee-rails
    twitter (5.10.0)
      addressable (~> 2.3)
      buftok (~> 0.2.0)
      equalizer (~> 0.0.9)
      faraday (~> 0.9.0)
      http (~> 0.6.0)
      http_parser.rb (~> 0.6.0)
      json (~> 1.8)
      memoizable (~> 0.4.0)
      naught (~> 1.0)
      simple_oauth (~> 0.2.0)
    tzinfo (1.2.1)
      thread_safe (~> 0.1)
    uglifier (2.5.1)
      execjs (>= 0.3.0)
      json (>= 1.8.0)
    unicorn (4.8.3)
      kgio (~> 2.6)
      rack
      raindrops (~> 0.7)
    xpath (2.0.0)
      nokogiri (~> 1.3)
    yajl-ruby (1.2.1)

PLATFORMS
  ruby

DEPENDENCIES
  aws-sdk (~> 1.43.3)
  bcrypt (~> 3.1.7)
  better_errors
  binding_of_caller
  breadcrumbs (~> 0.1.6)
  capybara
  coffee-rails (~> 4.0.1)
  cucumber-rails
  factory_girl_rails
  faraday (~> 0.9.0)
  faraday_middleware (~> 0.9.1)
  flexslider (~> 2.2.0)
  flot-rails (~> 0.0.6)
  fog (~> 1.22.1)
  github_api (~> 0.11.3)
  google-analytics-rails (~> 0.0.6)
  gritter (~> 1.1.0)
  httparty (~> 0.13.1)
  icheck-rails (~> 0.9.0.2)
  inflector (~> 0.0.1)
  jquery-datatables-rails (~> 1.12.2)
  jquery-rails (~> 3.1.0)
  jquery-turbolinks (~> 2.0.2)
  jquery-ui-rails (~> 4.2.1)
  json (~> 1.8.1)
  less-rails (~> 2.5.0)
  masonry-rails (~> 0.2.1)
  megam_api (~> 0.14)
  megam_assembla (~> 0.1.0)
  megam_deccanplato (~> 0.1.0)
  megam_scmmanager (~> 0.1.0)
  meta_request
  multi_xml (~> 0.5.5)
  net-http-predicates (~> 1.0.0)
  nokogiri (~> 1.6.2.1)
  oauth (~> 0.4.7)
  oauth2 (~> 0.9.4)
  omniauth-assembla (~> 0.0.3)
  omniauth-facebook (~> 1.6.0)
  omniauth-github (~> 1.1.2)
  omniauth-google-oauth2 (~> 0.2.4)
  omniauth-oauth2 (~> 1.1.2)
  omniauth-twitter (~> 1.0.1)
  paperclip (~> 4.1.1)
  protected_attributes (~> 1.0.8)
  rails (~> 4.1.2.rc3)
  randexp (~> 0.1.7)
  remotipart (~> 1.2.1)
  rspec-rails
  sass-rails (~> 4.0.3)
  socket.io-rails (~> 1.0.3)
  sprockets (~> 2.11.0)
  sqlite3 (~> 1.3.9)
  sshkey (~> 1.6.1)
  therubyracer (~> 0.12.1)
  turbolinks (~> 2.2.2)
  twitter (~> 5.10.0)
  twitter-bootstrap-rails!
  uglifier (~> 2.5.1)
  unicorn (~> 4.8.3)
